GEM
  remote: https://rubygems.org/
  specs:
    nokogiri (1.5.6)
    rack (1.5.2)
    rack-protection (1.5.0)
      rack
    sequel (3.45.0)
    sinatra (1.3.5)
      rack (~> 1.4)
      rack-protection (~> 1.3)
      tilt (~> 1.3, >= 1.3.3)
    sqlite3 (1.3.7)
    tilt (1.3.5)

PLATFORMS
  ruby

DEPENDENCIES
  nokogiri
  sequel
  sinatra
  sqlite3
