GEM
  remote: https://rubygems.org/
  specs:
    nokogiri (1.5.8)
    rack (1.5.2)
    rack-protection (1.5.0)
      rack
    sequel (3.45.0)
    sinatra (1.4.1)
      rack (~> 1.5, >= 1.5.2)
      rack-protection (~> 1.4)
      tilt (~> 1.3, >= 1.3.4)
    sqlite3 (1.3.7)
    tilt (1.3.6)

PLATFORMS
  ruby

DEPENDENCIES
  nokogiri
  sequel
  sinatra
  sqlite3
